GEM
  remote: https://rubygems.org/
  specs:
    diff-lcs (1.4.4)
    nokogiri (1.11.3-x86_64-linux)
      racc (~> 1.4)
    open-uri (0.1.0)
    racc (1.5.2)
    rspec (3.10.0)
      rspec-core (~> 3.10.0)
      rspec-expectations (~> 3.10.0)
      rspec-mocks (~> 3.10.0)
    rspec-core (3.10.1)
      rspec-support (~> 3.10.0)
    rspec-expectations (3.10.1)
      diff-lcs (>= 1.2.0, < 2.0)
      rspec-support (~> 3.10.0)
    rspec-mocks (3.10.2)
      diff-lcs (>= 1.2.0, < 2.0)
      rspec-support (~> 3.10.0)
    rspec-support (3.10.2)

PLATFORMS
  x86_64-linux

DEPENDENCIES
  nokogiri
  open-uri
  rspec

RUBY VERSION
   ruby 2.7.1p83

BUNDLED WITH
   2.2.16
